{
    "Modality": "MR",
    "MagneticFieldStrength": 3,
    "Manufacturer": "Siemens",
    "ManufacturersModelName": "Verio",
    "InstitutionName": "Symbion_Imaging_at_Epworth",
    "InstitutionAddress": "Bridge_Road_89_Melbourne_Victoria_AU_3121",
    "DeviceSerialNumber": "40114",
    "StationName": "MRC40114",
    "PatientPosition": "HFS",
    "ProcedureStepDescription": "Brain_-_Symbion_HD_PREDICT",
    "SoftwareVersions": "syngo_MR_B15V",
    "MRAcquisitionType": "3D",
    "SeriesDescription": "MPRAGE_T1_Coronal",
    "ProtocolName": "MPRAGE_T1_Coronal",
    "ScanningSequence": "GR_IR",
    "SequenceVariant": "SP_MP",
    "ScanOptions": "IR",
    "SequenceName": "_tfl3d1_ns",
    "ImageType": ["ORIGINAL", "PRIMARY", "M", "NORM", "DIS2D"],
    "SeriesNumber": 2,
    "AcquisitionTime": "12:08:56.360000",
    "AcquisitionNumber": 1,
    "SliceThickness": 1.1,
    "SAR": 0.0581611,
    "EchoTime": 0.00193,
    "RepetitionTime": 2.3,
    "InversionTime": 0.9,
    "FlipAngle": 10,
    "PartialFourier": 1,
    "Interpolation2D": 1,
    "BaseResolution": 256,
    "ShimSetting": [-6947, -14683, 3121, -19, 200, 114, 87, 138],
    "TxRefAmp": 445.551,
    "PhaseResolution": 1,
    "ReceiveCoilName": "NeckMatrix",
    "PulseSequenceDetails": "%SiemensSeq%_tfl",
    "PercentPhaseFOV": 100,
    "PhaseEncodingSteps": 255,
    "AcquisitionMatrixPE": 256,
    "ReconMatrixPE": 512,
    "ParallelReductionFactorInPlane": 2,
    "PixelBandwidth": 240,
    "DwellTime": 8.1e-06,
    "ImageOrientationPatientDICOM": [1, 0, 0, 0, 0, -1],
    "InPlanePhaseEncodingDirectionDICOM": "ROW",
    "ConversionSoftware": "dcm2niix",
    "ConversionSoftwareVersion": "v1.0.20180826 BETA  (JP2:OpenJPEG) Clang9.1.0",
}
